GEM
  specs:
    ffi (1.10.0)
    jekyll-sass-converter (1.5.2)
      sass (~> 3.4)
    rb-fsevent (0.10.3)
    rb-inotify (0.10.0)
      ffi (~> 1.0)
    sass (3.7.4)
      sass-listen (~> 4.0.0)
    sass-listen (4.0.0)
      rb-fsevent (~> 0.9, >= 0.9.4)
      rb-inotify (~> 0.9, >= 0.9.7)

PLATFORMS
  ruby

DEPENDENCIES
  jekyll-sass-converter

BUNDLED WITH
   2.0.1
